GEM
  remote: https://rubygems.org/
  specs:
    newrelic_rpm (3.6.2.96)
    rack (1.5.2)
    rack-protection (1.5.0)
      rack
    sass (3.2.1)
    shotgun (0.9)
      rack (>= 1.0)
    sinatra (1.4.2)
      rack (~> 1.5, >= 1.5.2)
      rack-protection (~> 1.4)
      tilt (~> 1.3, >= 1.3.4)
    slim (1.3.3)
      temple (~> 0.5.5)
      tilt (~> 1.3.3)
    temple (0.5.5)
    tilt (1.3.7)

PLATFORMS
  ruby

DEPENDENCIES
  newrelic_rpm
  sass
  shotgun
  sinatra
  slim
